GEM
  remote: https://rubygems.org/
  specs:
    thor (1.3.2)

PLATFORMS
  arm64-darwin-24
  ruby

DEPENDENCIES
  thor (~> 1.3)

BUNDLED WITH
   2.6.7
